PATH
  remote: .
  specs:
    motion-stump (0.1.0)
      motion-define-method (~> 0.1.2)

GEM
  remote: http://rubygems.org/
  specs:
    motion-define-method (0.1.2)
    motion-redgreen (0.0.2)
    rake (0.9.2.2)

PLATFORMS
  ruby

DEPENDENCIES
  motion-redgreen
  motion-stump!
  rake
